GIT
  remote: git://github.com/ruby-rdf/json-ld.git
  revision: 2a1bf315464081ebc9134d7cef6c120e2a0a2780
  branch: develop
  specs:
    json-ld (1.0.7)
      json (>= 1.7.5)
      rdf (>= 1.0.8)

GIT
  remote: git://github.com/ruby-rdf/rdf-rdfxml.git
  revision: 6ad4d90e8fafce5fcc706df8bd8c3a02f177cb6a
  branch: master
  specs:
    rdf-rdfxml (1.0.2)
      rdf (>= 1.0)
      rdf-xsd (>= 1.0)

GEM
  remote: http://rubygems.org/
  specs:
    addressable (2.3.5)
    backports (3.3.4)
    daemons (1.1.9)
    diff-lcs (1.2.4)
    doodle (0.2.3)
    ebnf (0.3.1)
      rdf
      sxp
    emk-sinatra-url-for (0.2.1)
      sinatra (>= 0.9.1.1)
    equivalent-xml (0.3.0)
      nokogiri (>= 1.4.3)
    eventmachine (1.0.3)
    fakeweb (1.3.0)
    haml (4.0.3)
      tilt
    htmlentities (4.3.1)
    json (1.8.0)
    json_pure (1.8.0)
    mini_portile (0.5.1)
    multi_json (1.8.1)
    nokogiri (1.6.0)
      mini_portile (~> 0.5.0)
    rack (1.5.2)
    rack-protection (1.5.0)
      rack
    rack-test (0.6.2)
      rack (>= 1.0)
    rake (10.1.0)
    rdf (1.0.8)
      addressable (>= 2.2)
    rdf-json (1.0.0)
      json_pure (>= 1.4)
      rdf (>= 1.0)
    rdf-rdfa (1.0.2)
      haml (>= 4.0)
      htmlentities (>= 4.3.1)
      rdf (>= 1.0.5)
      rdf-xsd (>= 1.0)
    rdf-trix (1.0.0)
      rdf (>= 1.0)
    rdf-turtle (1.0.9)
      ebnf (>= 0.3.0)
      rdf (>= 1.0.7)
    rdf-xsd (1.0.2.1)
      nokogiri (>= 1.5.0)
      rdf (>= 0.3.4)
    rdiscount (2.1.6)
    rspec (2.14.1)
      rspec-core (~> 2.14.0)
      rspec-expectations (~> 2.14.0)
      rspec-mocks (~> 2.14.0)
    rspec-core (2.14.5)
    rspec-expectations (2.14.3)
      diff-lcs (>= 1.1.3, < 2.0)
    rspec-mocks (2.14.3)
    shotgun (0.9)
      rack (>= 1.0)
    simplecov (0.7.1)
      multi_json (~> 1.0)
      simplecov-html (~> 0.7.1)
    simplecov-html (0.7.1)
    sinatra (1.4.3)
      rack (~> 1.4)
      rack-protection (~> 1.4)
      tilt (~> 1.3, >= 1.3.4)
    sinatra-contrib (1.4.1)
      backports (>= 2.0)
      multi_json
      rack-protection
      rack-test
      sinatra (~> 1.4.0)
      tilt (~> 1.3)
    sxp (0.1.3)
      json (>= 1.1.1)
    thin (1.6.0)
      daemons (>= 1.0.9)
      eventmachine (>= 1.0.0)
      rack (>= 1.5.0)
    tilt (1.4.1)

PLATFORMS
  ruby

DEPENDENCIES
  doodle
  emk-sinatra-url-for
  equivalent-xml
  fakeweb
  json-ld!
  json_pure
  nokogiri
  rack-test
  rake
  rdf (>= 0.3.1)
  rdf-json
  rdf-rdfa
  rdf-rdfxml!
  rdf-trix
  rdf-turtle
  rdiscount
  rspec (>= 2.7.0)
  shotgun
  simplecov
  sinatra
  sinatra-contrib
  thin
